GEM
  remote: https://rubygems.org/
  specs:
    coderay (1.1.3)
    kgio (2.11.4)
    method_source (1.0.0)
    mustermann (3.0.0)
      ruby2_keywords (~> 0.0.1)
    pry (0.14.2)
      coderay (~> 1.1)
      method_source (~> 1.0)
    rack (2.2.6.4)
    rack-protection (3.0.6)
      rack
    raindrops (0.20.1)
    rake (13.0.6)
    ruby2_keywords (0.0.5)
    sinatra (3.0.6)
      mustermann (~> 3.0)
      rack (~> 2.2, >= 2.2.4)
      rack-protection (= 3.0.6)
      tilt (~> 2.0)
    tilt (2.1.0)
    unicorn (6.1.0)
      kgio (~> 2.6)
      raindrops (~> 0.7)
    webrick (1.8.1)

PLATFORMS
  ruby

DEPENDENCIES
  pry (= 0.14.2)
  rake (= 13.0.6)
  sinatra (= 3.0.6)
  unicorn (= 6.1.0)
  webrick (= 1.8.1)

RUBY VERSION
   ruby 3.2.2p53

BUNDLED WITH
   2.1.4
